GEM
  remote: https://rubygems.org/
  specs:
    nio4r (2.5.8)
    prometheus-client (3.0.0)
    puma (5.6.2)
      nio4r (~> 2.0)
    rack (2.2.3)

PLATFORMS
  x86_64-linux

DEPENDENCIES
  prometheus-client
  puma
  rack

BUNDLED WITH
   2.2.22
